GIT
  remote: https://github.com/yohji/rle
  revision: 91d52c594fa129a0e5f394fbc0982d21337d3139
  specs:
    rle (0.999)

PATH
  remote: .
  specs:
    secbox (0.999)

GEM
  remote: https://rubygems.org/
  specs:
    colored (1.2)
    ffi (1.12.2)
    listen (3.2.1)
      rb-fsevent (~> 0.10, >= 0.10.3)
      rb-inotify (~> 0.9, >= 0.9.10)
    net-scp (2.0.0)
      net-ssh (>= 2.6.5, < 6.0.0)
    net-ssh (5.2.0)
    rake (13.0.1)
    rake-notes (0.2.2)
      colored
      rake
    rb-fsevent (0.10.3)
    rb-inotify (0.10.1)
      ffi (~> 1.0)

PLATFORMS
  ruby

DEPENDENCIES
  listen
  net-scp
  net-ssh
  rake-notes
  rle!
  secbox!

BUNDLED WITH
   2.1.4
